GEM
  remote: https://rubygems.org/
  specs:
    addressable (2.7.0)
      public_suffix (>= 2.0.2, < 5.0)
    ansi (1.5.0)
    asciidoctor (1.5.7.1)
    asciidoctor-diagram (1.5.9)
      asciidoctor (~> 1.5.0)
    ast (2.2.0)
    coderay (1.1.0)
    colorator (1.1.0)
    ffi (1.11.1)
    forwardable-extended (2.6.0)
    jekyll (3.6.3)
      addressable (~> 2.4)
      colorator (~> 1.0)
      jekyll-sass-converter (~> 1.0)
      jekyll-watch (~> 1.1)
      kramdown (~> 1.14)
      liquid (~> 4.0)
      mercenary (~> 0.3.3)
      pathutil (~> 0.9)
      rouge (>= 1.7, < 3)
      safe_yaml (~> 1.0)
    jekyll-asciidoc (2.1.0)
      asciidoctor (>= 1.5.0)
      jekyll (>= 2.3.0)
    jekyll-sass-converter (1.5.2)
      sass (~> 3.4)
    jekyll-sitemap (1.2.0)
      jekyll (~> 3.3)
    jekyll-watch (1.5.1)
      listen (~> 3.0)
    json_pure (1.8.3)
    kramdown (1.17.0)
    liquid (4.0.3)
    listen (3.2.0)
      rb-fsevent (~> 0.10, >= 0.10.3)
      rb-inotify (~> 0.9, >= 0.9.10)
    mercenary (0.3.6)
    method_source (0.8.2)
    oga (2.0.0)
      ast
      ruby-ll (~> 2.1)
    pathutil (0.16.2)
      forwardable-extended (~> 2.6)
    pry (0.10.3)
      coderay (~> 1.1.0)
      method_source (~> 0.8.1)
      slop (~> 3.4)
    public_suffix (4.0.1)
    rb-fsevent (0.10.3)
    rb-inotify (0.10.0)
      ffi (~> 1.0)
    rouge (2.2.1)
    ruby-ll (2.1.2)
      ansi
      ast
    safe_yaml (1.0.5)
    sass (3.7.4)
      sass-listen (~> 4.0.0)
    sass-listen (4.0.0)
      rb-fsevent (~> 0.9, >= 0.9.4)
      rb-inotify (~> 0.9, >= 0.9.7)
    slop (3.6.0)

PLATFORMS
  ruby

DEPENDENCIES
  asciidoctor (= 1.5.7.1)
  asciidoctor-diagram (= 1.5.9)
  coderay
  jekyll (= 3.6.3)
  jekyll-asciidoc (= 2.1.0)
  jekyll-sitemap (= 1.2.0)
  json_pure
  oga (= 2.0.0)
  pry

BUNDLED WITH
   1.15.0
